GEM
  remote: http://rubygems.org/
  specs:
    rake (10.4.2)
    watchr (0.7)

PLATFORMS
  ruby
  x86-mingw32

DEPENDENCIES
  rake
  watchr

BUNDLED WITH
   1.13.6
